GEM
  remote: http://rubygems.org/
  specs:
    activemodel (3.2.6)
      activesupport (= 3.2.6)
      builder (~> 3.0.0)
    activesupport (3.2.6)
      i18n (~> 0.6)
      multi_json (~> 1.0)
    builder (3.0.0)
    cinch (2.0.3)
    i18n (0.6.0)
    mongoid (3.0.0.rc)
      activemodel (~> 3.1)
      moped (~> 1.0.0.rc)
      origin (~> 1.0.0.rc)
      tzinfo (~> 0.3.22)
    moped (1.0.0)
    multi_json (1.3.6)
    nokogiri (1.5.5)
    origin (1.0.1)
    tzinfo (0.3.33)

PLATFORMS
  ruby

DEPENDENCIES
  cinch
  mongoid (~> 3.0.0.rc)
  nokogiri
