GEM
  remote: http://rubygems.org/
  specs:
    activemodel (3.2.9)
      activesupport (= 3.2.9)
      builder (~> 3.0.0)
    activesupport (3.2.9)
      i18n (~> 0.6)
      multi_json (~> 1.0)
    builder (3.0.4)
    cinch (2.0.3)
    i18n (0.6.1)
    mongoid (3.0.14)
      activemodel (~> 3.1)
      moped (~> 1.1)
      origin (~> 1.0)
      tzinfo (~> 0.3.22)
    moped (1.3.0)
    multi_json (1.3.7)
    nokogiri (1.5.5)
    origin (1.0.11)
    tzinfo (0.3.35)

PLATFORMS
  ruby

DEPENDENCIES
  cinch
  mongoid (~> 3.0.0.rc)
  nokogiri
