GEM
  remote: http://rubygems.org/
  specs:
    cinch (2.0.3)
    nokogiri (1.5.5)

PLATFORMS
  ruby

DEPENDENCIES
  cinch
  nokogiri
